GEM
  remote: http://rubygems.org/
  specs:
    chunky_png (1.2.5)
    compass (0.11.5)
      chunky_png (~> 1.2)
      fssm (>= 0.2.7)
      sass (~> 3.1)
    ffi (1.0.9)
    fssm (0.2.7)
    guard (0.8.4)
      thor (~> 0.14.6)
    guard-compass (0.0.6)
      compass (>= 0.10.5)
      guard (>= 0.2.1)
    guard-shell (0.1.1)
      guard (>= 0.2.0)
    haml (3.1.3)
    libnotify (0.5.7)
    rack (1.3.5)
    rack-protection (1.1.4)
      rack
    rake (0.9.2)
    rb-inotify (0.8.8)
      ffi (>= 0.5.0)
    sass (3.1.10)
    sinatra (1.3.1)
      rack (~> 1.3, >= 1.3.4)
      rack-protection (~> 1.1, >= 1.1.2)
      tilt (~> 1.3, >= 1.3.3)
    thor (0.14.6)
    tilt (1.3.3)

PLATFORMS
  ruby

DEPENDENCIES
  compass
  guard
  guard-compass
  guard-shell
  haml
  libnotify
  rake
  rb-inotify
  sass
  sinatra
